GEM
  remote: https://rubygems.org/
  specs:
    bson (4.3.0)
    mongo (2.5.3)
      bson (>= 4.3.0, < 5.0.0)
    mustermann (1.0.2)
    rack (2.0.5)
    rack-protection (2.0.1)
      rack
    sinatra (2.0.1)
      mustermann (~> 1.0)
      rack (~> 2.0)
      rack-protection (= 2.0.1)
      tilt (~> 2.0)
    sinatra-bootstrap (0.6.1)
      sinatra (>= 1.0)
      sinatra-outputbuffer
    sinatra-outputbuffer (0.1.0)
      sinatra (>= 1.0.a)
    tilt (2.0.8)

PLATFORMS
  ruby

DEPENDENCIES
  mongo
  sinatra
  sinatra-bootstrap (~> 0.6.1)

BUNDLED WITH
   1.16.1
